GEM
  remote: http://rubygems.org/
  specs:
    metaclass (0.0.1)
    mime-types (1.23)
    mocha (0.14.0)
      metaclass (~> 0.0.1)
    multi_json (1.7.7)
    rake (0.9.2)
    rest-client (1.6.7)
      mime-types (>= 1.16)

PLATFORMS
  ruby

DEPENDENCIES
  mocha
  multi_json
  rake (= 0.9.2)
  rest-client
